PATH
  remote: .
  specs:
    electric (0.0.6)

GEM
  remote: http://rubygems.org/
  specs:

PLATFORMS
  ruby

DEPENDENCIES
  electric!
